GEM
  remote: http://rubygems.org/
  specs:
    RedCloth (4.2.8)
    chunky_png (1.2.4)
    coffee-script (2.2.0)
      coffee-script-source
      execjs
    coffee-script-source (1.1.2)
    compass (0.11.5)
      chunky_png (~> 1.2)
      fssm (>= 0.2.7)
      sass (~> 3.1)
    daemons (1.1.4)
    eventmachine (0.12.10)
    execjs (1.2.6)
      multi_json (~> 1.0)
    fssm (0.2.7)
    gdata4ruby (0.1.5)
    gdocs4ruby (0.1.2)
      gdata4ruby (>= 0.1.1)
    haml (3.1.3)
    libv8 (3.3.10.2)
    maruku (0.6.0)
      syntax (>= 1.0.0)
    multi_json (1.0.3)
    nesta (0.9.10)
      RedCloth (~> 4.2)
      haml (~> 3.1)
      maruku (>= 0.6.0)
      sass (~> 3.1)
      shotgun (>= 0.8)
      sinatra (= 1.2.6)
    rack (1.3.2)
    sass (3.1.7)
    sassy-buttons (0.0.5)
      compass (>= 0.11)
    shotgun (0.9)
      rack (>= 1.0)
    sinatra (1.2.6)
      rack (~> 1.1)
      tilt (< 2.0, >= 1.2.2)
    syntax (1.0.0)
    therubyracer (0.9.4)
      libv8 (~> 3.3.10)
    thin (1.2.11)
      daemons (>= 1.0.9)
      eventmachine (>= 0.12.6)
      rack (>= 1.0.0)
    tilt (1.3.3)

PLATFORMS
  ruby

DEPENDENCIES
  coffee-script
  compass
  gdocs4ruby
  nesta (= 0.9.10)
  sassy-buttons
  therubyracer
  thin
